PATH
  remote: .
  specs:
    spreadsheet_importer (0.1.0)
      charlock_holmes
      culturecode-roo (~> 2.0.2)

GEM
  remote: https://rubygems.org/
  specs:
    charlock_holmes (0.7.3)
    culturecode-roo (2.0.2)
      nokogiri (~> 1)
      rubyzip (~> 1.1, < 2.0.0)
    mini_portile (0.6.2)
    nokogiri (1.6.6.2)
      mini_portile (~> 0.6.0)
    rubyzip (1.1.7)

PLATFORMS
  ruby

DEPENDENCIES
  spreadsheet_importer!
