PATH
  remote: .
  specs:
    spreadsheet_importer (0.1.0)
      charlock_holmes
      culturecode-roo (~> 2.0.2)

GEM
  remote: https://rubygems.org/
  specs:
    charlock_holmes (0.7.3)
    culturecode-roo (2.0.2)
      nokogiri (~> 1)
      rubyzip (~> 1.1, < 2.0.0)
    mini_portile2 (2.5.1)
    nokogiri (1.11.4)
      mini_portile2 (~> 2.5.0)
      racc (~> 1.4)
    racc (1.5.2)
    rubyzip (1.1.7)

PLATFORMS
  ruby

DEPENDENCIES
  spreadsheet_importer!
